GEM
  remote: https://rubygems.org/
  specs:
    activesupport (6.1.4.1)
      concurrent-ruby (~> 1.0, >= 1.0.2)
      i18n (>= 1.6, < 2)
      minitest (>= 5.1)
      tzinfo (~> 2.0)
      zeitwerk (~> 2.3)
    addressable (2.8.0)
      public_suffix (>= 2.0.2, < 5.0)
    ast (2.4.0)
    bigdecimal (1.4.4)
    bundler-unload (1.0.2)
    childprocess (3.0.0)
    cmath (1.0.0)
    concurrent-ruby (1.1.9)
    csv (3.1.2)
    date (2.0.0)
    dbm (1.0.0)
    declarative (0.0.20)
    did_you_mean (1.3.1)
    diff-lcs (1.3)
    domain_name (0.5.20190701)
      unf (>= 0.0.5, < 1.0.0)
    etc (1.0.1)
    executable-hooks (1.6.0)
    faraday (1.7.1)
      faraday-em_http (~> 1.0)
      faraday-em_synchrony (~> 1.0)
      faraday-excon (~> 1.1)
      faraday-httpclient (~> 1.0.1)
      faraday-net_http (~> 1.0)
      faraday-net_http_persistent (~> 1.1)
      faraday-patron (~> 1.0)
      faraday-rack (~> 1.0)
      multipart-post (>= 1.2, < 3)
      ruby2_keywords (>= 0.0.4)
    faraday-em_http (1.0.0)
    faraday-em_synchrony (1.0.0)
    faraday-excon (1.1.0)
    faraday-httpclient (1.0.1)
    faraday-net_http (1.0.1)
    faraday-net_http_persistent (1.2.0)
    faraday-patron (1.0.0)
    faraday-rack (1.0.0)
    fcntl (1.0.0)
    fiddle (1.0.0)
    fileutils (1.3.0)
    gem-wrappers (1.4.0)
    gems (1.2.0)
    google-api-client (0.53.0)
      google-apis-core (~> 0.1)
      google-apis-generator (~> 0.1)
    google-apis-core (0.4.1)
      addressable (~> 2.5, >= 2.5.1)
      googleauth (>= 0.16.2, < 2.a)
      httpclient (>= 2.8.1, < 3.a)
      mini_mime (~> 1.0)
      representable (~> 3.0)
      retriable (>= 2.0, < 4.a)
      rexml
      webrick
    google-apis-discovery_v1 (0.6.0)
      google-apis-core (>= 0.4, < 2.a)
    google-apis-generator (0.4.0)
      activesupport (>= 5.0)
      gems (~> 1.2)
      google-apis-core (>= 0.4, < 2.a)
      google-apis-discovery_v1 (~> 0.5)
      thor (>= 0.20, < 2.a)
    googleauth (0.17.1)
      faraday (>= 0.17.3, < 2.0)
      jwt (>= 1.4, < 3.0)
      memoist (~> 0.16)
      multi_json (~> 1.11)
      os (>= 0.9, < 2.0)
      signet (~> 0.15)
    http-cookie (1.0.3)
      domain_name (~> 0.5)
    httpclient (2.8.3)
    i18n (1.8.10)
      concurrent-ruby (~> 1.0)
    io-console (0.4.8)
    ipaddr (1.2.2)
    jaro_winkler (1.5.4)
    json (2.2.0)
    jwt (2.2.3)
    memoist (0.16.2)
    mini_mime (1.1.1)
    minitest (5.13.0)
    multi_json (1.15.0)
    multipart-post (2.1.1)
    net-telnet (0.2.0)
    openssl (2.1.2)
    os (1.1.1)
    parallel (1.18.0)
    parallel_tests (2.29.2)
      parallel
    parser (2.6.5.0)
      ast (~> 2.4.0)
    power_assert (1.1.5)
    psych (3.1.0)
    public_suffix (4.0.6)
    rainbow (3.0.0)
    rake (13.0.0)
    rdoc (6.3.1)
    representable (3.1.1)
      declarative (< 0.1.0)
      trailblazer-option (>= 0.1.1, < 0.2.0)
      uber (< 0.2.0)
    retriable (3.1.2)
    rexml (3.2.5)
    rspec (3.9.0)
      rspec-core (~> 3.9.0)
      rspec-expectations (~> 3.9.0)
      rspec-mocks (~> 3.9.0)
    rspec-core (3.9.0)
      rspec-support (~> 3.9.0)
    rspec-expectations (3.9.0)
      diff-lcs (>= 1.2.0, < 2.0)
      rspec-support (~> 3.9.0)
    rspec-mocks (3.9.0)
      diff-lcs (>= 1.2.0, < 2.0)
      rspec-support (~> 3.9.0)
    rspec-support (3.9.0)
    rubocop (0.76.0)
      jaro_winkler (~> 1.5.1)
      parallel (~> 1.10)
      parser (>= 2.6)
      rainbow (>= 2.2.2, < 4.0)
      ruby-progressbar (~> 1.7)
      unicode-display_width (>= 1.4.0, < 1.7)
    ruby-progressbar (1.10.1)
    ruby2_keywords (0.0.5)
    rubygems-bundler (1.4.5)
      bundler-unload (>= 1.0.2)
      executable-hooks (>= 1.5.0)
    rubyzip (2.0.0)
    rvm (1.11.3.9)
    scanf (1.0.0)
    sdbm (1.0.0)
    selenium-webdriver (3.142.6)
      childprocess (>= 0.5, < 4.0)
      rubyzip (>= 1.2.2)
    signet (0.15.0)
      addressable (~> 2.3)
      faraday (>= 0.17.3, < 2.0)
      jwt (>= 1.5, < 3.0)
      multi_json (~> 1.10)
    stringio (0.0.2)
    strscan (1.0.3)
    test-unit (3.3.4)
      power_assert
    thor (1.1.0)
    trailblazer-option (0.1.1)
    tzinfo (2.0.4)
      concurrent-ruby (~> 1.0)
    uber (0.1.0)
    unf (0.1.4)
      unf_ext
    unf_ext (0.0.7.6)
    unicode-display_width (1.6.0)
    watir-webdriver (0.9.9)
      selenium-webdriver (>= 2.46.2)
    webrick (1.5.0)
    xmlrpc (0.3.0)
    zeitwerk (2.4.2)
    zlib (1.0.0)

PLATFORMS
  ruby

DEPENDENCIES
  bigdecimal (>= 1.3.4)
  bundler (>= 1.17.3)
  bundler-unload (>= 1.0.2)
  childprocess (>= 3.0.0)
  cmath (>= 1.0.0)
  csv (>= 1.0.0)
  date (>= 1.0.0)
  dbm (>= 1.0.0)
  did_you_mean (>= 1.2.0)
  diff-lcs (>= 1.3)
  domain_name (>= 0.5.20190701)
  etc (>= 1.0.0)
  executable-hooks (>= 1.6.0)
  fcntl (>= 1.0.0)
  fiddle (>= 1.0.0)
  fileutils (>= 1.0.2)
  gem-wrappers (>= 1.4.0)
  google-api-client (~> 0.34)
  http-cookie (>= 1.0.2)
  io-console (>= 0.4.6)
  ipaddr (>= 1.2.0)
  jaro_winkler (>= 1.5.4)
  json (>= 2.1.0)
  minitest (>= 5.10.3)
  net-telnet (>= 0.1.1)
  openssl (>= 2.1.0)
  parallel (>= 1.18.0)
  parallel_tests (>= 2.29.2)
  parser (>= 2.6.5.0)
  power_assert (>= 1.1.1)
  psych (>= 3.0.2)
  rainbow (>= 3.0.0)
  rake (>= 13.0.0)
  rdoc (>= 6.0.1)
  rspec (>= 3.9.0)
  rspec-core (>= 3.9.0)
  rspec-expectations (>= 3.9.0)
  rspec-mocks (>= 3.9.0)
  rspec-support (>= 3.9.0)
  rubocop (>= 0.76.0)
  ruby-progressbar (>= 1.10.1)
  rubygems-bundler (>= 1.4.5)
  rubyzip (>= 2.0.0)
  rvm (>= 1.11.3.9)
  scanf (>= 1.0.0)
  sdbm (>= 1.0.0)
  selenium-webdriver (>= 3.142.6)
  stringio (>= 0.0.1)
  strscan (>= 1.0.0)
  test-unit (>= 3.2.7)
  unf (>= 0.1.4)
  unf_ext (>= 0.0.7.6)
  unicode-display_width (>= 1.6.0)
  watir-webdriver (>= 0.9.9)
  webrick (>= 1.4.2)
  xmlrpc (>= 0.3.0)
  zlib (>= 1.0.0)

RUBY VERSION
   ruby 2.5.1p57

BUNDLED WITH
   1.17.3
